GEM
  remote: https://rubygems.org/
  specs:
    chingu (0.8.1)
      crack
      gosu (>= 0.7.25)
      rest-client
    chipmunk (5.3.4.5)
    crack (0.4.1)
      safe_yaml (~> 0.9.0)
    cri (2.1.0)
    faster_xml_simple (0.5.0)
      libxml-ruby (>= 0.3.8.4)
    gosu (0.7.49)
    httpclient (2.3.4.1)
    json (1.8.1)
    libxml-ruby (2.7.0)
    mime-types (1.25)
    mini_portile (0.5.2)
    net-github-upload (0.0.8)
      faster_xml_simple
      httpclient
      json
      nokogiri (>= 1.4.0)
    nokogiri (1.6.0)
      mini_portile (~> 0.5.0)
    ocra (1.3.1)
    rake (0.9.2.2)
    releasy (0.2.2)
      cri (~> 2.1.0)
      net-github-upload (~> 0.0.8)
      ocra (~> 1.3.0)
      rake (~> 0.9.2.2)
      thor (~> 0.14.6)
    rest-client (1.6.7)
      mime-types (>= 1.16)
    safe_yaml (0.9.7)
    thor (0.14.6)

PLATFORMS
  ruby

DEPENDENCIES
  chingu (~> 0.8.1)
  chipmunk (~> 5.3.4.5)
  gosu (~> 0.7.49)
  releasy (~> 0.2.2)
